GEM
  remote: https://rubygems.org/
  specs:
    addressable (2.5.2)
      public_suffix (>= 2.0.2, < 4.0)
    cookiejar (0.3.3)
    diff-lcs (1.3)
    em-http-request (1.1.5)
      addressable (>= 2.3.4)
      cookiejar (!= 0.3.1)
      em-socksify (>= 0.3)
      eventmachine (>= 1.0.3)
      http_parser.rb (>= 0.6.0)
    em-socksify (0.3.1)
      eventmachine (>= 1.0.0.beta.4)
    eventmachine (1.2.5)
    fakeredis (0.6.0)
      redis (~> 3.2)
    http_parser.rb (0.6.0)
    multi_json (1.12.2)
    oj (2.18.1)
    parse-cron (0.1.4)
    public_suffix (3.0.0)
    rake (12.1.0)
    redis (3.3.3)
    rspec (3.6.0)
      rspec-core (~> 3.6.0)
      rspec-expectations (~> 3.6.0)
      rspec-mocks (~> 3.6.0)
    rspec-core (3.6.0)
      rspec-support (~> 3.6.0)
    rspec-expectations (3.6.0)
      diff-lcs (>= 1.2.0, < 2.0)
      rspec-support (~> 3.6.0)
    rspec-json_expectations (2.1.0)
    rspec-mocks (3.6.0)
      diff-lcs (>= 1.2.0, < 2.0)
      rspec-support (~> 3.6.0)
    rspec-support (3.6.0)
    sensu-extension (1.5.1)
      eventmachine
    sensu-json (2.1.0)
      oj (= 2.18.1)
    sensu-logger (1.2.1)
      eventmachine
      sensu-json
    sensu-redis (2.2.0)
      eventmachine
    sensu-settings (10.3.0)
      parse-cron
      sensu-json (>= 1.1.0)

PLATFORMS
  ruby

DEPENDENCIES
  em-http-request
  fakeredis
  multi_json
  rake
  rspec
  rspec-json_expectations
  sensu-extension
  sensu-logger
  sensu-redis
  sensu-settings

BUNDLED WITH
   1.15.4
